GIT
  remote: https://github.com/marcoroth/rbs-inline.git
  revision: 1e9266c0d6452faf30f13594f25e1548587f000d
  branch: prism
  specs:
    rbs-inline (0.11.0)
      prism (>= 0.29)
      rbs (>= 3.5.0)

GIT
  remote: https://github.com/ruby/prism.git
  revision: 23f16d31a7c57c4b927e1e3ec8f1281b45e7cb9f
  tag: v1.5.1
  specs:
    prism (1.5.1)

PATH
  remote: .
  specs:
    herb (0.7.1)

GEM
  remote: https://rubygems.org/
  specs:
    actionview (8.0.2.1)
      activesupport (= 8.0.2.1)
      builder (~> 3.1)
      erubi (~> 1.11)
      rails-dom-testing (~> 2.2)
      rails-html-sanitizer (~> 1.6)
    activesupport (8.0.2.1)
      base64
      benchmark (>= 0.3)
      bigdecimal
      concurrent-ruby (~> 1.0, >= 1.3.1)
      connection_pool (>= 2.2.5)
      drb
      i18n (>= 1.6, < 2)
      logger (>= 1.4.2)
      minitest (>= 5.1)
      securerandom (>= 0.3)
      tzinfo (~> 2.0, >= 2.0.5)
      uri (>= 0.13.1)
    ast (2.4.3)
    base64 (0.3.0)
    benchmark (0.4.1)
    bigdecimal (3.2.2)
    builder (3.3.0)
    concurrent-ruby (1.3.5)
    connection_pool (2.5.3)
    crass (1.0.6)
    csv (3.3.5)
    difftastic (0.7.0)
      pretty_please
    difftastic (0.7.0-arm64-darwin)
      pretty_please
    difftastic (0.7.0-x86_64-darwin)
      pretty_please
    difftastic (0.7.0-x86_64-linux)
      pretty_please
    dispersion (0.2.0)
      prism
    drb (2.2.3)
    erubi (1.13.1)
    ffi (1.17.2-aarch64-linux-gnu)
    ffi (1.17.2-aarch64-linux-musl)
    ffi (1.17.2-arm64-darwin)
    ffi (1.17.2-x86_64-darwin)
    ffi (1.17.2-x86_64-linux-gnu)
    ffi (1.17.2-x86_64-linux-musl)
    fileutils (1.7.3)
    i18n (1.14.7)
      concurrent-ruby (~> 1.0)
    io-console (0.8.1)
    json (2.13.2)
    language_server-protocol (3.17.0.5)
    lint_roller (1.1.0)
    listen (3.9.0)
      rb-fsevent (~> 0.10, >= 0.10.3)
      rb-inotify (~> 0.9, >= 0.9.10)
    logger (1.7.0)
    loofah (2.24.1)
      crass (~> 1.0.2)
      nokogiri (>= 1.12.0)
    lz_string (0.3.0)
    maxitest (6.0.0)
      minitest (>= 5.20.0, < 5.26.0)
    minitest (5.25.5)
    minitest-difftastic (0.2.1)
      difftastic (~> 0.6)
    mutex_m (0.3.0)
    nokogiri (1.18.9-aarch64-linux-gnu)
      racc (~> 1.4)
    nokogiri (1.18.9-aarch64-linux-musl)
      racc (~> 1.4)
    nokogiri (1.18.9-arm64-darwin)
      racc (~> 1.4)
    nokogiri (1.18.9-x86_64-darwin)
      racc (~> 1.4)
    nokogiri (1.18.9-x86_64-linux-gnu)
      racc (~> 1.4)
    nokogiri (1.18.9-x86_64-linux-musl)
      racc (~> 1.4)
    parallel (1.27.0)
    parser (3.3.9.0)
      ast (~> 2.4.1)
      racc
    pretty_please (0.2.0)
      dispersion (~> 0.2)
    racc (1.8.1)
    rails-dom-testing (2.3.0)
      activesupport (>= 5.0.0)
      minitest
      nokogiri (>= 1.6)
    rails-html-sanitizer (1.6.2)
      loofah (~> 2.21)
      nokogiri (>= 1.15.7, != 1.16.7, != 1.16.6, != 1.16.5, != 1.16.4, != 1.16.3, != 1.16.2, != 1.16.1, != 1.16.0.rc1, != 1.16.0)
    rainbow (3.1.1)
    rake (13.3.0)
    rake-compiler (1.3.0)
      rake
    rake-compiler-dock (1.9.1)
    rb-fsevent (0.11.2)
    rb-inotify (0.11.1)
      ffi (~> 1.0)
    rbs (3.9.4)
      logger
    regexp_parser (2.11.2)
    reline (0.6.2)
      io-console (~> 0.5)
    rubocop (1.80.1)
      json (~> 2.3)
      language_server-protocol (~> 3.17.0.2)
      lint_roller (~> 1.1.0)
      parallel (~> 1.10)
      parser (>= 3.3.0.2)
      rainbow (>= 2.2.2, < 4.0)
      regexp_parser (>= 2.9.3, < 3.0)
      rubocop-ast (>= 1.46.0, < 2.0)
      ruby-progressbar (~> 1.7)
      unicode-display_width (>= 2.4.0, < 4.0)
    rubocop-ast (1.46.0)
      parser (>= 3.3.7.2)
      prism (~> 1.4)
    ruby-progressbar (1.13.0)
    securerandom (0.4.1)
    sorbet (0.6.12473)
      sorbet-static (= 0.6.12473)
    sorbet-static (0.6.12473-aarch64-linux)
    sorbet-static (0.6.12473-universal-darwin)
    sorbet-static (0.6.12473-x86_64-linux)
    steep (1.10.0)
      activesupport (>= 5.1)
      concurrent-ruby (>= 1.1.10)
      csv (>= 3.0.9)
      fileutils (>= 1.1.0)
      json (>= 2.1.0)
      language_server-protocol (>= 3.17.0.4, < 4.0)
      listen (~> 3.0)
      logger (>= 1.3.0)
      mutex_m (>= 0.3.0)
      parser (>= 3.1)
      rainbow (>= 2.2.2, < 4.0)
      rbs (~> 3.9)
      securerandom (>= 0.1)
      strscan (>= 1.0.0)
      terminal-table (>= 2, < 5)
      uri (>= 0.12.0)
    strscan (3.1.5)
    terminal-table (4.0.0)
      unicode-display_width (>= 1.1.1, < 4)
    tzinfo (2.0.6)
      concurrent-ruby (~> 1.0)
    unicode-display_width (3.1.5)
      unicode-emoji (~> 4.0, >= 4.0.4)
    unicode-emoji (4.0.4)
    uri (1.0.3)

PLATFORMS
  aarch64-linux
  aarch64-linux-gnu
  aarch64-linux-musl
  arm64-darwin
  universal-darwin
  x86_64-darwin
  x86_64-linux
  x86_64-linux-gnu
  x86_64-linux-musl

DEPENDENCIES
  actionview (~> 8.0)
  herb!
  lz_string
  maxitest
  minitest-difftastic (~> 0.2)
  prism!
  rake (~> 13.2)
  rake-compiler (~> 1.2)
  rake-compiler-dock (~> 1.9)
  rbs-inline!
  reline (~> 0.6)
  rubocop (~> 1.71)
  sorbet
  steep (~> 1.10)

BUNDLED WITH
   2.7.1
