GIT
  remote: https://github.com/ruby/prism.git
  revision: 01843caefd06828190161826575822c30466d95c
  tag: v1.3.0
  specs:
    prism (1.3.0)

PATH
  remote: .
  specs:
    erbx (0.0.1)

GEM
  remote: https://rubygems.org/
  specs:
    ast (2.4.2)
    difftastic (0.6.0)
      pretty_please
    difftastic (0.6.0-arm64-darwin)
      pretty_please
    difftastic (0.6.0-x86_64-darwin)
      pretty_please
    difftastic (0.6.0-x86_64-linux)
      pretty_please
    dispersion (0.2.0)
      prism
    json (2.10.1)
    language_server-protocol (3.17.0.4)
    lint_roller (1.1.0)
    maxitest (5.8.0)
      minitest (>= 5.14.0, < 5.26.0)
    minitest (5.25.4)
    minitest-difftastic (0.2.1)
      difftastic (~> 0.6)
    parallel (1.26.3)
    parser (3.3.7.1)
      ast (~> 2.4.1)
      racc
    pretty_please (0.2.0)
      dispersion (~> 0.2)
    racc (1.8.1)
    rainbow (3.1.1)
    rake (13.2.1)
    rake-compiler (1.2.9)
      rake
    rake-compiler-dock (1.9.1)
    regexp_parser (2.10.0)
    rubocop (1.73.2)
      json (~> 2.3)
      language_server-protocol (~> 3.17.0.2)
      lint_roller (~> 1.1.0)
      parallel (~> 1.10)
      parser (>= 3.3.0.2)
      rainbow (>= 2.2.2, < 4.0)
      regexp_parser (>= 2.9.3, < 3.0)
      rubocop-ast (>= 1.38.0, < 2.0)
      ruby-progressbar (~> 1.7)
      unicode-display_width (>= 2.4.0, < 4.0)
    rubocop-ast (1.38.1)
      parser (>= 3.3.1.0)
    ruby-progressbar (1.13.0)
    unicode-display_width (3.1.4)
      unicode-emoji (~> 4.0, >= 4.0.4)
    unicode-emoji (4.0.4)

PLATFORMS
  aarch64-linux-gnu
  aarch64-linux-musl
  arm-linux-gnu
  arm-linux-musl
  arm64-darwin
  ruby
  x86-linux-gnu
  x86-linux-musl
  x86_64-darwin
  x86_64-linux
  x86_64-linux-gnu
  x86_64-linux-musl

DEPENDENCIES
  erbx!
  maxitest
  minitest-difftastic (~> 0.2)
  prism!
  rake (~> 13.2)
  rake-compiler (~> 1.2)
  rake-compiler-dock (~> 1.9)
  rubocop (~> 1.71)

BUNDLED WITH
   2.6.3
