PATH
  remote: .
  specs:
    erbx (0.0.1)
      ffi

GEM
  remote: https://rubygems.org/
  specs:
    difftastic (0.6.0)
      pretty_please
    difftastic (0.6.0-arm64-darwin)
      pretty_please
    difftastic (0.6.0-x86_64-darwin)
      pretty_please
    dispersion (0.2.0)
      prism
    ffi (1.17.1)
    ffi (1.17.1-arm64-darwin)
    ffi (1.17.1-x86_64-darwin)
    maxitest (5.8.0)
      minitest (>= 5.14.0, < 5.26.0)
    minitest (5.25.4)
    minitest-difftastic (0.2.0)
      difftastic (~> 0.6)
    pretty_please (0.2.0)
      dispersion (~> 0.2)
    prism (1.3.0)
    rake (13.2.1)
    rake-compiler (1.2.9)
      rake

PLATFORMS
  arm64-darwin
  ruby
  x86_64-darwin-23

DEPENDENCIES
  erbx!
  maxitest
  minitest-difftastic (~> 0.2)
  rake (~> 13.2)
  rake-compiler (~> 1.2)

BUNDLED WITH
   2.6.3
